GEM
  remote: https://rubygems.org/
  specs:
    dotenv (2.1.0)
    pg (0.18.4)
    rack (1.6.4)
    rack-protection (1.5.3)
      rack
    sequel (4.31.0)
    sinatra (1.4.6)
      rack (~> 1.4)
      rack-protection (~> 1.4)
      tilt (>= 1.3, < 3)
    tilt (2.0.1)

PLATFORMS
  ruby

DEPENDENCIES
  dotenv
  pg
  sequel
  sinatra

BUNDLED WITH
   1.11.2
